GEM
  remote: https://rubygems.org/
  specs:
    rake (12.3.3)
    sass (3.4.25)
    scss_lint (0.54.0)
      rake (>= 0.9, < 13)
      sass (~> 3.4.20)
    scss_lint_reporter_checkstyle (0.2.0)

PLATFORMS
  ruby

DEPENDENCIES
  scss_lint
  scss_lint_reporter_checkstyle

BUNDLED WITH
   1.13.1
